PATH
  remote: .
  specs:
    fluent-plugin-logplex-splitter (0.1.0)
      fluent-mixin-config-placeholders (>= 0.3.0)
      fluent-mixin-rewrite-tag-name
      fluentd (>= 0.14.10, < 2)

GEM
  remote: https://rubygems.org/
  specs:
    concurrent-ruby (1.2.2)
    cool.io (1.7.1)
    fluent-mixin-config-placeholders (0.4.0)
      fluentd
      uuidtools (>= 2.1.5)
    fluent-mixin-rewrite-tag-name (0.1.0)
      fluentd
    fluentd (1.16.1)
      bundler
      cool.io (>= 1.4.5, < 2.0.0)
      http_parser.rb (>= 0.5.1, < 0.9.0)
      msgpack (>= 1.3.1, < 2.0.0)
      serverengine (>= 2.3.2, < 3.0.0)
      sigdump (~> 0.2.2)
      strptime (>= 0.2.4, < 1.0.0)
      tzinfo (>= 1.0, < 3.0)
      tzinfo-data (~> 1.0)
      webrick (~> 1.4)
      yajl-ruby (~> 1.0)
    http_parser.rb (0.8.0)
    msgpack (1.7.1)
    power_assert (2.0.3)
    rake (13.0.6)
    serverengine (2.3.2)
      sigdump (~> 0.2.2)
    sigdump (0.2.4)
    strptime (0.2.5)
    test-unit (3.3.9)
      power_assert
    tzinfo (2.0.6)
      concurrent-ruby (~> 1.0)
    tzinfo-data (1.2023.3)
      tzinfo (>= 1.0.0)
    uuidtools (2.2.0)
    webrick (1.8.1)
    yajl-ruby (1.4.3)

PLATFORMS
  ruby

DEPENDENCIES
  bundler (~> 2.1.4)
  fluent-plugin-logplex-splitter!
  rake (~> 13.0.6)
  test-unit (~> 3.3.4)

BUNDLED WITH
   2.1.4
